PATH
  remote: .
  specs:
    tangerine (0.7.4)
      activesupport (~> 3.0.19)
      i18n
      json

GEM
  remote: http://rubygems.org/
  specs:
    activesupport (3.0.20)
    archive-tar-minitar (0.5.2)
    coderay (1.0.8)
    columnize (0.3.6)
    diff-lcs (1.1.3)
    factory_girl (4.1.0)
      activesupport (>= 3.0.0)
    fakeweb (1.3.0)
    i18n (0.6.1)
    json (1.7.6)
    linecache19 (0.5.12)
      ruby_core_source (>= 0.1.4)
    method_source (0.8.1)
    pry (0.9.10)
      coderay (~> 1.0.5)
      method_source (~> 0.8)
      slop (~> 3.3.1)
    rspec (2.12.0)
      rspec-core (~> 2.12.0)
      rspec-expectations (~> 2.12.0)
      rspec-mocks (~> 2.12.0)
    rspec-core (2.12.1)
    rspec-expectations (2.12.0)
      diff-lcs (~> 1.1.3)
    rspec-mocks (2.12.0)
    ruby-debug-base19 (0.11.25)
      columnize (>= 0.3.1)
      linecache19 (>= 0.5.11)
      ruby_core_source (>= 0.1.4)
    ruby-debug19 (0.11.6)
      columnize (>= 0.3.1)
      linecache19 (>= 0.5.11)
      ruby-debug-base19 (>= 0.11.19)
    ruby_core_source (0.1.5)
      archive-tar-minitar (>= 0.5.2)
    slop (3.3.3)
    timecop (0.5.4)
    vcr (2.3.0)
    yard (0.8.3)

PLATFORMS
  ruby

DEPENDENCIES
  bundler
  factory_girl
  fakeweb
  pry
  rspec
  ruby-debug19
  tangerine!
  timecop
  vcr
  yard
