PATH
  remote: .
  specs:
    tangerine (0.8.0.rc1)
      activesupport (~> 3.2.13)
      i18n
      json

GEM
  remote: http://rubygems.org/
  specs:
    activesupport (3.2.13)
      i18n (= 0.6.1)
      multi_json (~> 1.0)
    addressable (2.3.4)
    crack (0.3.2)
    diff-lcs (1.1.3)
    factory_girl (4.1.0)
      activesupport (>= 3.0.0)
    i18n (0.6.1)
    json (1.7.7)
    multi_json (1.7.2)
    rake (10.0.3)
    rspec (2.12.0)
      rspec-core (~> 2.12.0)
      rspec-expectations (~> 2.12.0)
      rspec-mocks (~> 2.12.0)
    rspec-core (2.12.1)
    rspec-expectations (2.12.0)
      diff-lcs (~> 1.1.3)
    rspec-mocks (2.12.0)
    vcr (2.5.0)
    webmock (1.11.0)
      addressable (>= 2.2.7)
      crack (>= 0.3.2)
    yard (0.8.3)

PLATFORMS
  ruby

DEPENDENCIES
  bundler
  factory_girl
  rake
  rspec
  tangerine!
  vcr
  webmock
  yard
